GIT
  remote: https://github.com/chef/dep-selector
  revision: 3a9296c5fae808153d0752f35511d2a109f5b753
  specs:
    dep_selector (1.0.6)
      dep-selector-libgecode
      ffi

GIT
  remote: https://github.com/chef/erlectricity
  revision: 61fe8eafa5f25da57fea0ac2d65be0289e734b9e
  specs:
    erlectricity (1.1.1)

GEM
  remote: https://rubygems.org/
  specs:
    dep-selector-libgecode (1.3.5)
    ffi (1.15.5)
    uuidtools (2.2.0)

PLATFORMS
  x86_64-darwin-18

DEPENDENCIES
  dep_selector!
  erlectricity!
  uuidtools

BUNDLED WITH
   2.3.9
