GIT
  remote: https://github.com/chef/chef_secrets
  revision: be7388bab6ffb74c3008622a96bf1694278f5be7
  ref: be7388bab6ffb74c3008622a96bf1694278f5be7
  branch: lbaker/upgrade-erlang-24.2
  specs:
    veil (0.3.9)
      bcrypt (~> 3.1)
      pbkdf2

GEM
  specs:
    bcrypt (3.1.17)
    pbkdf2 (0.1.0)

PLATFORMS
  x86_64-darwin-18

DEPENDENCIES
  veil!

BUNDLED WITH
   2.3.9
